GEM
  remote: https://rubygems.org/
  specs:
    mini_portile2 (2.3.0)
    nokogiri (1.8.2)
      mini_portile2 (~> 2.3.0)
    rake (12.3.3)

PLATFORMS
  ruby

DEPENDENCIES
  nokogiri (= 1.8.2)
  rake

BUNDLED WITH
   2.1.4
