GEM
  remote: https://rubygems.org/
  specs:
    mini_portile (0.5.3)
    nokogiri (1.6.0)
      mini_portile (~> 0.5.0)

PLATFORMS
  ruby

DEPENDENCIES
  nokogiri (= 1.6)

BUNDLED WITH
   2.0.2
