GEM
  remote: https://rubygems.org/
  specs:
    mini_portile2 (2.5.3)
    nokogiri (1.11.4)
      mini_portile2 (~> 2.5.0)
      racc (~> 1.4)
    racc (1.7.3)
    rake (12.3.3)

PLATFORMS
  ruby

DEPENDENCIES
  nokogiri (= 1.11.4)
  rake

BUNDLED WITH
   2.1.4
