GEM
  remote: https://rubygems.org/
  specs:
    mini_portile2 (2.4.0)
    nokogiri (1.10.5)
      mini_portile2 (~> 2.4.0)
    rake (12.3.3)

PLATFORMS
  ruby

DEPENDENCIES
  nokogiri (= 1.10.5)
  rake

BUNDLED WITH
   2.1.4
